GIT
  remote: git://github.com/mfazekas/percy-ios.git
  revision: 067ac2bd3d56a82cf110a0a638bc105de64324a3
  specs:
    percy-ios (1.0.0.alpha)
      chunky_png (~> 1.3.1)
      percy-client (~> 1.9.0)
      plist (~> 3.2.0)

GEM
  remote: https://rubygems.org/
  specs:
    chunky_png (1.3.7)
    faraday (0.9.2)
      multipart-post (>= 1.2, < 3)
    httpclient (2.8.2.4)
    multipart-post (2.0.0)
    percy-client (1.9.0)
      faraday (>= 0.9)
      httpclient (>= 2.6)
    plist (3.2.0)

PLATFORMS
  ruby

DEPENDENCIES
  percy-ios!

BUNDLED WITH
   1.13.6
